PATH
  remote: .
  specs:
    run_tests (0.1.3)

GEM
  remote: https://rubygems.org/
  specs:
    minitest (5.11.3)
    rake (10.5.0)

PLATFORMS
  ruby

DEPENDENCIES
  bundler (~> 1.17)
  minitest (~> 5.0)
  rake (~> 10.0)
  run_tests!

BUNDLED WITH
   1.17.1
